GEM
  remote: https://rubygems.org/
  specs:
    activemodel (8.0.3)
      activesupport (= 8.0.3)
    activesupport (8.0.3)
      base64
      benchmark (>= 0.3)
      bigdecimal
      concurrent-ruby (~> 1.0, >= 1.3.1)
      connection_pool (>= 2.2.5)
      drb
      i18n (>= 1.6, < 2)
      logger (>= 1.4.2)
      minitest (>= 5.1)
      securerandom (>= 0.3)
      tzinfo (~> 2.0, >= 2.0.5)
      uri (>= 0.13.1)
    addressable (2.8.7)
      public_suffix (>= 2.0.2, < 7.0)
    aes_key_wrap (1.1.0)
    amq-protocol (2.3.4)
    async (2.24.0)
      console (~> 1.29)
      fiber-annotation
      io-event (~> 1.9)
      metrics (~> 0.12)
      traces (~> 0.15)
    async-http (0.91.0)
      async (>= 2.10.2)
      async-pool (~> 0.11)
      io-endpoint (~> 0.14)
      io-stream (~> 0.6)
      metrics (~> 0.12)
      protocol-http (~> 0.49)
      protocol-http1 (~> 0.30)
      protocol-http2 (~> 0.22)
      traces (~> 0.10)
    async-pool (0.11.0)
      async (>= 2.0)
    attr_required (1.0.2)
    aws-eventstream (1.4.0)
    aws-partitions (1.1174.0)
    aws-sdk-cloudwatchlogs (1.127.0)
      aws-sdk-core (~> 3, >= 3.231.0)
      aws-sigv4 (~> 1.5)
    aws-sdk-core (3.233.0)
      aws-eventstream (~> 1, >= 1.3.0)
      aws-partitions (~> 1, >= 1.992.0)
      aws-sigv4 (~> 1.9)
      base64
      bigdecimal
      jmespath (~> 1, >= 1.6.1)
      logger
    aws-sdk-firehose (1.99.0)
      aws-sdk-core (~> 3, >= 3.231.0)
      aws-sigv4 (~> 1.5)
    aws-sdk-kinesis (1.87.0)
      aws-sdk-core (~> 3, >= 3.231.0)
      aws-sigv4 (~> 1.5)
    aws-sdk-kms (1.114.0)
      aws-sdk-core (~> 3, >= 3.231.0)
      aws-sigv4 (~> 1.5)
    aws-sdk-s3 (1.200.0)
      aws-sdk-core (~> 3, >= 3.231.0)
      aws-sdk-kms (~> 1)
      aws-sigv4 (~> 1.5)
    aws-sdk-sqs (1.104.0)
      aws-sdk-core (~> 3, >= 3.231.0)
      aws-sigv4 (~> 1.5)
    aws-sigv4 (1.12.1)
      aws-eventstream (~> 1, >= 1.0.2)
    azure-loganalytics-datacollector-api (0.5.0)
      rest-client
    base64 (0.3.0)
    benchmark (0.4.1)
    bigdecimal (3.3.1)
    bindata (2.5.1)
    bson (4.15.0)
    bunny (2.24.0)
      amq-protocol (~> 2.3)
      sorted_set (~> 1, >= 1.0.2)
    concurrent-ruby (1.3.5)
    connection_pool (2.5.4)
    console (1.34.1)
      fiber-annotation
      fiber-local (~> 1.1)
      json
    cool.io (1.9.0)
    csv (3.3.5)
    date (3.4.1)
    digest-crc (0.7.0)
      rake (>= 12.0.0, < 14.0.0)
    docker-api (2.4.0)
      excon (>= 0.64.0)
      multi_json
    domain_name (0.6.20240107)
    drb (2.2.3)
    elastic-transport (8.4.1)
      faraday (< 3)
      multi_json
    elasticsearch (9.1.2)
      elastic-transport (~> 8.3)
      elasticsearch-api (= 9.1.2)
    elasticsearch-api (9.1.2)
      multi_json
    excon (1.3.0)
      logger
    faraday (2.14.0)
      faraday-net_http (>= 2.0, < 3.5)
      json
      logger
    faraday-excon (2.4.0)
      excon (>= 1.0.0)
      faraday (>= 2.11.0, < 3)
    faraday-follow_redirects (0.4.0)
      faraday (>= 1, < 3)
    faraday-net_http (3.4.1)
      net-http (>= 0.5.0)
    faraday_middleware-aws-sigv4 (1.0.1)
      aws-sigv4 (~> 1.0)
      faraday (>= 2.0, < 3)
    ffi (1.17.2-arm64-darwin)
    ffi (1.17.2-x86_64-darwin)
    ffi (1.17.2-x86_64-linux-gnu)
    ffi-compiler (1.3.2)
      ffi (>= 1.15.5)
      rake
    fiber-annotation (0.2.0)
    fiber-local (1.1.0)
      fiber-storage
    fiber-storage (1.0.1)
    fluent-config-regexp-type (1.0.0)
      fluentd (> 1.0.0, < 2)
    fluent-mixin-config-placeholders (0.4.0)
      fluentd
      uuidtools (>= 2.1.5)
    fluent-plugin-amqp (0.14.0)
      bunny (>= 1.7, < 3)
      fluentd (>= 0.14.8, < 2)
    fluent-plugin-azure-loganalytics (0.7.0)
      azure-loganalytics-datacollector-api (>= 0.5.0)
      fluentd (>= 0.14.15, < 2)
      rest-client
      yajl-ruby
    fluent-plugin-cloudwatch-logs (0.15.0)
      aws-sdk-cloudwatchlogs (~> 1.0)
      fluentd (>= 1.8.0)
    fluent-plugin-concat (2.6.0)
      fluentd (>= 0.14.0, < 2)
    fluent-plugin-datadog (0.14.4)
      fluentd (>= 1, < 2)
      net-http-persistent (~> 4.0.1)
    fluent-plugin-detect-exceptions (0.0.16)
      fluentd (>= 1.14.2)
    fluent-plugin-elasticsearch (6.0.0)
      elasticsearch
      excon
      faraday (>= 2.0.0)
      faraday-excon (>= 2.0.0)
      fluentd (>= 0.14.22)
    fluent-plugin-gelf-hs (1.0.8)
      fluentd
      gelf (>= 2.0.0)
    fluent-plugin-grafana-loki (1.2.20)
      fluentd (>= 1.9.3, < 2)
    fluent-plugin-grok-parser (2.6.2)
      fluentd (>= 0.14.6, < 2)
    fluent-plugin-json-in-json-2 (1.0.2)
      fluentd (>= 0.14.0, < 2)
      yajl-ruby (~> 1.0)
    fluent-plugin-kafka (0.19.5)
      bigdecimal (~> 3.1)
      fluentd (>= 0.10.58, < 2)
      ltsv
      ruby-kafka (>= 1.5.0, < 2)
    fluent-plugin-kinesis (3.6.1)
      aws-sdk-firehose (~> 1, != 1.9, != 1.5, != 1.15)
      aws-sdk-kinesis (~> 1, != 1.5, != 1.4, != 1.14)
      fluentd (>= 0.14.22, < 2)
      google-protobuf (~> 4)
    fluent-plugin-kubernetes (0.3.1)
      docker-api
      fluentd
    fluent-plugin-kubernetes_metadata_filter (3.8.0)
      fluentd (>= 0.14.0, < 1.20)
      kubeclient (>= 4.0.0, < 5.0.0)
      sin_lru_redux
    fluent-plugin-kubernetes_sumologic (2.4.2)
      fluentd (>= 0.14.12)
      httpclient (~> 2.8.0)
    fluent-plugin-logentries (0.2.10)
    fluent-plugin-logzio (0.2.2)
      fluentd (>= 0.14.0, < 2)
      net-http-persistent (~> 4.0)
      prometheus-client (>= 2.1.0)
    fluent-plugin-mail (0.3.0)
      fluentd (>= 0.12.0)
    fluent-plugin-mongo (1.6.0)
      fluentd (>= 0.14.22, < 2)
      mongo (>= 2.15.0, < 2.19.0)
    fluent-plugin-multi-format-parser (1.1.0)
      fluentd (>= 0.14.0, < 2)
    fluent-plugin-mysqlslowquery (0.0.9)
      fluentd (>= 0.12.0, < 2)
      myslog (~> 0.0)
    fluent-plugin-opensearch (1.1.5)
      aws-sdk-core (~> 3)
      excon
      faraday (>= 2.0.0)
      faraday-excon (>= 2.0.0)
      faraday_middleware-aws-sigv4 (~> 1.0.1)
      fluentd (>= 0.14.22)
      opensearch-ruby (>= 3.0.1)
    fluent-plugin-papertrail (0.2.8)
      fluent-mixin-config-placeholders (~> 0.4.0)
      fluentd (>= 0.10, < 2)
    fluent-plugin-prometheus (2.2.1)
      fluentd (>= 1.9.1, < 2)
      prometheus-client (>= 2.1.0)
    fluent-plugin-record-modifier (2.2.1)
      fluentd (>= 1.1, < 2)
    fluent-plugin-record-reformer (0.9.1)
      fluentd
    fluent-plugin-redis (0.3.5)
      fluentd (>= 0.14.22, < 2)
      redis (~> 3.3.0)
    fluent-plugin-remote_syslog (1.1.0)
      fluentd
      remote_syslog_sender (>= 1.1.1)
    fluent-plugin-rewrite-tag-filter (2.4.0)
      fluent-config-regexp-type
      fluentd (>= 0.14.2, < 2)
    fluent-plugin-route (1.0.0)
      fluentd (>= 0.14.0)
    fluent-plugin-s3 (1.8.3)
      aws-sdk-s3 (~> 1.60)
      aws-sdk-sqs (~> 1.23)
      fluentd (>= 0.14.22, < 2)
    fluent-plugin-splunk-hec (1.3.3)
      fluentd (>= 1.5)
      json-jwt (~> 1.15.0)
      multi_json (~> 1.13)
      net-http-persistent (~> 4.0)
      openid_connect (~> 1.1.8)
      prometheus-client (>= 2.1.0)
      rack-oauth2 (~> 1.19)
    fluent-plugin-splunkhec (2.3)
      fluentd (>= 1.15.1, < 2)
      yajl-ruby (>= 1.4.3)
    fluent-plugin-sumologic_output (1.10.0)
      fluentd
      httpclient
    fluent-plugin-systemd (1.1.1)
      fluentd (>= 0.14.11, < 2)
      systemd-journal (~> 2.1.0)
    fluent-plugin-throttle (0.0.5)
      fluentd (~> 1.1)
    fluent-plugin-uri-parser (0.3.0)
      addressable
      fluentd (>= 0.14.0, < 2)
    fluent-plugin-verticajson (0.0.8)
      fluentd (~> 1.16)
      json (~> 2.6)
      vertica (~> 1.0)
    fluent-plugin-vmware-log-intelligence (2.0.8)
      fluent-plugin-mysqlslowquery (>= 0.0.9)
      fluentd (>= 0.14.20)
      http (>= 4.0)
      myslog (~> 0.0)
    fluent-plugin-vmware-loginsight (1.4.2)
      fluentd (>= 0.14.10, < 2)
    fluent-plugin-webhdfs (1.6.0)
      fluentd (>= 0.14.22)
      webhdfs (>= 0.11.0)
    fluentd (1.19.0)
      async-http (~> 0.86)
      base64 (~> 0.2)
      bundler
      cool.io (>= 1.4.5, < 2.0.0)
      csv (~> 3.2)
      drb (~> 2.2)
      http_parser.rb (>= 0.5.1, < 0.9.0)
      io-event (< 1.11.0)
      io-stream (< 0.8.0)
      logger (~> 1.6)
      msgpack (>= 1.3.1, < 2.0.0)
      serverengine (>= 2.3.2, < 3.0.0)
      sigdump (~> 0.2.5)
      strptime (>= 0.2.4, < 1.0.0)
      tzinfo (>= 1.0, < 3.0)
      tzinfo-data (~> 1.0)
      uri (~> 1.0)
      webrick (~> 1.4)
      yajl-ruby (~> 1.0)
      zstd-ruby (~> 1.5)
    gelf (3.1.0)
      json
    google-protobuf (4.33.0-arm64-darwin)
      bigdecimal
      rake (>= 13)
    google-protobuf (4.33.0-x86_64-darwin)
      bigdecimal
      rake (>= 13)
    google-protobuf (4.33.0-x86_64-linux-gnu)
      bigdecimal
      rake (>= 13)
    gssapi (1.3.1)
      ffi (>= 1.0.1)
    http (5.3.1)
      addressable (~> 2.8)
      http-cookie (~> 1.0)
      http-form_data (~> 2.2)
      llhttp-ffi (~> 0.5.0)
    http-accept (1.7.0)
    http-cookie (1.1.0)
      domain_name (~> 0.5)
    http-form_data (2.3.0)
    http_parser.rb (0.8.0)
    httpclient (2.8.3)
    i18n (1.14.7)
      concurrent-ruby (~> 1.0)
    io-endpoint (0.15.2)
    io-event (1.10.2)
    io-stream (0.7.0)
    jmespath (1.6.2)
    json (2.15.1)
    json-jwt (1.15.3.1)
      activesupport (>= 4.2)
      aes_key_wrap
      bindata
      httpclient
    jsonpath (1.1.5)
      multi_json
    kubeclient (4.13.0)
      http (>= 3.0, < 6.0)
      jsonpath (~> 1.0)
      recursive-open-struct (~> 1.1, >= 1.1.1)
      rest-client (~> 2.0)
    llhttp-ffi (0.5.1)
      ffi-compiler (~> 1.0)
      rake (~> 13.0)
    logfmt (0.0.10)
    logger (1.7.0)
    ltsv (0.1.2)
    mail (2.8.1)
      mini_mime (>= 0.1.1)
      net-imap
      net-pop
      net-smtp
    metrics (0.15.0)
    mime-types (3.7.0)
      logger
      mime-types-data (~> 3.2025, >= 3.2025.0507)
    mime-types-data (3.2025.0924)
    mini_mime (1.1.5)
    minitest (5.26.0)
    mongo (2.18.3)
      bson (>= 4.14.1, < 5.0.0)
    msgpack (1.8.0)
    multi_json (1.17.0)
    myslog (0.1.1)
    net-http (0.6.0)
      uri
    net-http-persistent (4.0.6)
      connection_pool (~> 2.2, >= 2.2.4)
    net-imap (0.5.12)
      date
      net-protocol
    net-pop (0.1.2)
      net-protocol
    net-protocol (0.2.2)
      timeout
    net-smtp (0.5.1)
      net-protocol
    netrc (0.11.0)
    oj (3.16.11)
      bigdecimal (>= 3.0)
      ostruct (>= 0.2)
    openid_connect (1.1.8)
      activemodel
      attr_required (>= 1.0.0)
      json-jwt (>= 1.5.0)
      rack-oauth2 (>= 1.6.1)
      swd (>= 1.0.0)
      tzinfo
      validate_email
      validate_url
      webfinger (>= 1.0.1)
    opensearch-ruby (3.4.0)
      faraday (>= 1.0, < 3)
      multi_json (>= 1.0)
    ostruct (0.6.3)
    prometheus-client (4.2.5)
      base64
    protocol-hpack (1.5.1)
    protocol-http (0.54.0)
    protocol-http1 (0.35.2)
      protocol-http (~> 0.22)
    protocol-http2 (0.23.0)
      protocol-hpack (~> 1.4)
      protocol-http (~> 0.47)
    public_suffix (6.0.2)
    rack (3.2.3)
    rack-oauth2 (1.21.3)
      activesupport
      attr_required
      httpclient
      json-jwt (>= 1.11.0)
      rack (>= 2.1.0)
    rake (13.3.0)
    rbtree (0.4.6)
    recursive-open-struct (1.3.1)
      ostruct
    redis (3.3.5)
    remote_syslog_sender (1.2.2)
      syslog_protocol
    rest-client (2.1.0)
      http-accept (>= 1.7.0, < 2.0)
      http-cookie (>= 1.0.2, < 2.0)
      mime-types (>= 1.16, < 4.0)
      netrc (~> 0.8)
    ruby-kafka (1.5.0)
      digest-crc
    securerandom (0.4.1)
    serverengine (2.4.0)
      base64 (~> 0.1)
      logger (~> 1.4)
      sigdump (~> 0.2.2)
    set (1.1.2)
    sigdump (0.2.5)
    sin_lru_redux (2.5.2)
    sorted_set (1.0.3)
      rbtree
      set (~> 1.0)
    specific_install (0.3.8)
    strptime (0.2.5)
    swd (2.0.3)
      activesupport (>= 3)
      attr_required (>= 0.0.5)
      faraday (~> 2.0)
      faraday-follow_redirects
    syslog_protocol (0.9.2)
    systemd-journal (2.1.1)
      ffi (~> 1.9)
    timeout (0.4.3)
    traces (0.18.2)
    tzinfo (2.0.6)
      concurrent-ruby (~> 1.0)
    tzinfo-data (1.2025.2)
      tzinfo (>= 1.0.0)
    uri (1.0.4)
    uuidtools (3.0.0)
    validate_email (0.1.6)
      activemodel (>= 3.0)
      mail (>= 2.2.5)
    validate_url (1.0.15)
      activemodel (>= 3.0.0)
      public_suffix
    vertica (1.0.3)
    webfinger (2.1.3)
      activesupport
      faraday (~> 2.0)
      faraday-follow_redirects
    webhdfs (0.11.0)
      addressable
    webrick (1.9.1)
    yajl-ruby (1.4.3)
    zstd-ruby (1.5.7.1)

PLATFORMS
  arm64-darwin-22
  x86_64-darwin-21
  x86_64-darwin-22
  x86_64-linux

DEPENDENCIES
  ffi
  fluent-plugin-amqp (= 0.14.0)
  fluent-plugin-azure-loganalytics (= 0.7.0)
  fluent-plugin-cloudwatch-logs (= 0.15.0)
  fluent-plugin-concat (= 2.6.0)
  fluent-plugin-datadog (= 0.14.4)
  fluent-plugin-detect-exceptions (~> 0.0.16)
  fluent-plugin-elasticsearch (= 6.0.0)
  fluent-plugin-gelf-hs (= 1.0.8)
  fluent-plugin-grafana-loki (= 1.2.20)
  fluent-plugin-grok-parser (= 2.6.2)
  fluent-plugin-json-in-json-2 (= 1.0.2)
  fluent-plugin-kafka (= 0.19.5)
  fluent-plugin-kinesis (= 3.6.1)
  fluent-plugin-kubernetes (= 0.3.1)
  fluent-plugin-kubernetes_metadata_filter (= 3.8.0)
  fluent-plugin-kubernetes_sumologic (= 2.4.2)
  fluent-plugin-logentries (= 0.2.10)
  fluent-plugin-logzio (= 0.2.2)
  fluent-plugin-mail (= 0.3.0)
  fluent-plugin-mongo (= 1.6.0)
  fluent-plugin-multi-format-parser (= 1.1.0)
  fluent-plugin-mysqlslowquery (= 0.0.9)
  fluent-plugin-opensearch (= 1.1.5)
  fluent-plugin-papertrail (= 0.2.8)
  fluent-plugin-prometheus (= 2.2.1)
  fluent-plugin-record-modifier (= 2.2.1)
  fluent-plugin-record-reformer (= 0.9.1)
  fluent-plugin-redis (= 0.3.5)
  fluent-plugin-remote_syslog (= 1.1.0)
  fluent-plugin-rewrite-tag-filter (= 2.4.0)
  fluent-plugin-route (= 1.0.0)
  fluent-plugin-s3 (= 1.8.3)
  fluent-plugin-splunk-hec (= 1.3.3)
  fluent-plugin-splunkhec (= 2.3)
  fluent-plugin-sumologic_output (= 1.10.0)
  fluent-plugin-systemd (= 1.1.1)
  fluent-plugin-throttle (= 0.0.5)
  fluent-plugin-uri-parser (= 0.3.0)
  fluent-plugin-verticajson (= 0.0.8)
  fluent-plugin-vmware-log-intelligence (= 2.0.8)
  fluent-plugin-vmware-loginsight (= 1.4.2)
  fluent-plugin-webhdfs (= 1.6.0)
  fluentd (= 1.19.0)
  gelf (= 3.1.0)
  gssapi (= 1.3.1)
  kubeclient (~> 4.13.0)
  logfmt (= 0.0.10)
  oj (= 3.16.11)
  specific_install (= 0.3.8)

BUNDLED WITH
   2.4.19
